{
    "TaskName": "watchingVideoClips",
    "Manufacturer": "Biosemi",
    "PowerLineFrequency": "n/a",
    "SamplingFrequency": 250.0,
    "SoftwareFilters": "n/a",
    "RecordingDuration": 5112.996,
    "RecordingType": "continuous",
    "EEGReference": "n/a",
    "EEGGround": "n/a",
    "EEGPlacementScheme": "based on the extended 10/20 system",
    "EEGChannelCount": 32,
    "EOGChannelCount": 0,
    "ECGChannelCount": 0,
    "EMGChannelCount": 0,
    "MiscChannelCount": 0,
    "TriggerChannelCount": 0
}
